GEM
  remote: https://rubygems.org/
  specs:
    addressable (2.3.6)
    backports (3.6.0)
    descendants_tracker (0.0.4)
      thread_safe (~> 0.3, >= 0.3.1)
    jbundler (0.5.5)
      bundler (~> 1.5)
      ruby-maven (>= 3.1.1.0.1, < 3.1.2)
    manticore (0.3.0-java)
      addressable (~> 2.3)
    maven-tools (0.34.4)
      virtus (~> 0.5)
    ruby-maven (3.1.1.0.2)
      maven-tools (~> 0.33)
      ruby-maven-libs (= 3.1.1)
    ruby-maven-libs (3.1.1)
    thread_safe (0.3.3-java)
    virtus (0.5.5)
      backports (~> 3.3)
      descendants_tracker (~> 0.0.1)

PLATFORMS
  java

DEPENDENCIES
  jbundler
  manticore
